GEM
  remote: https://rubygems.org/
  specs:
    activesupport (4.2.0)
      i18n (~> 0.7)
      json (~> 1.7, >= 1.7.7)
      minitest (~> 5.1)
      thread_safe (~> 0.3, >= 0.3.4)
      tzinfo (~> 1.1)
    aws-sdk (2.0.18.pre)
      aws-sdk-resources (= 2.0.18.pre)
    aws-sdk-core (2.0.18)
      builder (~> 3.0)
      jmespath (~> 1.0)
      multi_json (~> 1.0)
      multi_xml (~> 0.5)
    aws-sdk-resources (2.0.18.pre)
      aws-sdk-core (= 2.0.18)
    backports (3.6.4)
    builder (3.2.2)
    excon (0.43.0)
    faraday (0.9.0)
      multipart-post (>= 1.2, < 3)
    i18n (0.7.0)
    jmespath (1.0.2)
      multi_json (~> 1.0)
    json (1.8.2)
    kgio (2.9.3)
    minitest (5.5.1)
    multi_json (1.10.1)
    multi_xml (0.5.5)
    multipart-post (2.0.0)
    net-http-persistent (2.9.4)
    orchestrate (0.11.0)
      faraday (= 0.9.0)
      net-http-persistent (~> 2.9)
    rack (1.6.0)
    rack-protection (1.5.3)
      rack
    rack-test (0.6.3)
      rack (>= 1.0)
    raindrops (0.13.0)
    sass (3.4.9)
    sinatra (1.4.5)
      rack (~> 1.4)
      rack-protection (~> 1.4)
      tilt (~> 1.3, >= 1.3.4)
    sinatra-contrib (1.4.2)
      backports (>= 2.0)
      multi_json
      rack-protection
      rack-test
      sinatra (~> 1.4.0)
      tilt (~> 1.3)
    sinatra-partial (0.4.0)
      sinatra
    slim (3.0.1)
      temple (~> 0.7.3)
      tilt (>= 1.3.3, < 2.1)
    temple (0.7.5)
    thread_safe (0.3.4)
    tilt (1.4.1)
    tzinfo (1.2.2)
      thread_safe (~> 0.1)
    unicorn (4.8.3)
      kgio (~> 2.6)
      rack
      raindrops (~> 0.7)

PLATFORMS
  ruby

DEPENDENCIES
  activesupport (~> 4.2)
  aws-sdk (= 2.0.18.pre)
  excon (~> 0.4)
  multi_json (~> 1.10)
  orchestrate (~> 0.10)
  sass (~> 3.4)
  sinatra (~> 1.4)
  sinatra-contrib (~> 1.4)
  sinatra-partial (~> 0.4)
  slim (~> 3.0)
  unicorn (~> 4.8)
