GEM
  remote: https://rubygems.org/
  specs:
    activesupport (4.2.1)
      i18n (~> 0.7)
      json (~> 1.7, >= 1.7.7)
      minitest (~> 5.1)
      thread_safe (~> 0.3, >= 0.3.4)
      tzinfo (~> 1.1)
    aws-sdk (2.0.36)
      aws-sdk-resources (= 2.0.36)
    aws-sdk-core (2.0.36)
      builder (~> 3.0)
      jmespath (~> 1.0)
      multi_json (~> 1.0)
    aws-sdk-resources (2.0.36)
      aws-sdk-core (= 2.0.36)
    backports (3.6.4)
    builder (3.2.2)
    coffee-script (2.4.1)
      coffee-script-source
      execjs
    coffee-script-source (1.9.1)
    ethon (0.7.3)
      ffi (>= 1.3.0)
    excon (0.45.1)
    execjs (2.5.0)
    faraday (0.9.0)
      multipart-post (>= 1.2, < 3)
    ffi (1.9.8)
    i18n (0.7.0)
    jmespath (1.0.2)
      multi_json (~> 1.0)
    json (1.8.2)
    kgio (2.9.3)
    mandrill-api (1.0.53)
      excon (>= 0.16.0, < 1.0)
      json (>= 1.7.7, < 2.0)
    minitest (5.5.1)
    mixpanel_client (3.0.0)
      json (~> 1.6)
    multi_json (1.11.0)
    multipart-post (2.0.0)
    net-http-persistent (2.9.4)
    orchestrate (0.11.2)
      faraday (= 0.9.0)
      net-http-persistent (~> 2.9)
    rack (1.6.0)
    rack-protection (1.5.3)
      rack
    rack-test (0.6.3)
      rack (>= 1.0)
    raindrops (0.13.0)
    rake (10.4.2)
    rake-benchmark (1.0.0)
      rake
    redis (3.2.1)
    redis-namespace (1.5.2)
      redis (~> 3.0, >= 3.0.4)
    sass (3.4.13)
    sinatra (1.4.6)
      rack (~> 1.4)
      rack-protection (~> 1.4)
      tilt (>= 1.3, < 3)
    sinatra-contrib (1.4.1)
      backports (>= 2.0)
      multi_json
      rack-protection
      rack-test
      sinatra (~> 1.4.0)
      tilt (~> 1.3)
    sinatra-partial (0.4.0)
      sinatra
    slim (3.0.3)
      temple (~> 0.7.3)
      tilt (>= 1.3.3, < 2.1)
    temple (0.7.5)
    thread_safe (0.3.5)
    tilt (1.4.1)
    typhoeus (0.7.1)
      ethon (>= 0.7.1)
    tzinfo (1.2.2)
      thread_safe (~> 0.1)
    unicorn (4.8.3)
      kgio (~> 2.6)
      rack
      raindrops (~> 0.7)

PLATFORMS
  ruby

DEPENDENCIES
  activesupport (~> 4.2)
  aws-sdk (~> 2.0)
  coffee-script (~> 2.3)
  mandrill-api (~> 1.0)
  mixpanel_client (~> 3.0)
  multi_json (~> 1.10)
  orchestrate (~> 0.10)
  rake-benchmark
  redis (~> 3.2)
  redis-namespace (~> 1.5)
  sass (~> 3.4)
  sinatra (~> 1.4)
  sinatra-contrib (~> 1.4)
  sinatra-partial (~> 0.4)
  slim (~> 3.0)
  typhoeus (~> 0.7)
  unicorn (~> 4.8)
